GIT
  remote: git://github.com/sanemat/rubygems-mirror.git
  revision: c78a833300876c5349a3a8f682bb1598fc1131ad
  branch: feature/gemify
  specs:
    rubygems-mirror (1.0.1.20141211231356)
      net-http-persistent (~> 2.1)

GEM
  remote: https://rubygems.org/
  specs:
    hoe (3.13.0)
      rake (>= 0.8, < 11.0)
    net-http-persistent (2.9.4)
    rake (10.4.2)

PLATFORMS
  ruby

DEPENDENCIES
  hoe
  net-http-persistent
  rubygems-mirror!
